GEM
  remote: https://rubygems.org/
  specs:
    asciidoc (0.0.2)

PLATFORMS
  ruby

DEPENDENCIES
  asciidoc

BUNDLED WITH
   2.0.2
